PATH
  remote: .
  specs:
    dockerize-rails (0.1.0)

GEM
  remote: https://rubygems.org/
  specs:
    minitest (5.18.0)
    rake (13.0.6)

PLATFORMS
  ruby

DEPENDENCIES
  dockerize-rails!
  minitest (~> 5.0)
  rake (~> 13.0)

BUNDLED WITH
   2.1.4
